GEM
  remote: https://rubygems.org/
  specs:
    array_include_methods (1.5.1)
    atk (4.2.4)
      glib2 (= 4.2.4)
    cairo (1.17.13)
      native-package-installer (>= 1.0.3)
      pkg-config (>= 1.2.2)
      red-colors
    cairo-gobject (4.2.4)
      cairo (>= 1.16.2)
      glib2 (= 4.2.4)
    facets (3.1.0)
    fiddle (1.1.3)
    gdk3 (4.2.4)
      cairo-gobject (= 4.2.4)
      gdk_pixbuf2 (= 4.2.4)
      pango (= 4.2.4)
    gdk_pixbuf2 (4.2.4)
      gio2 (= 4.2.4)
    gio2 (4.2.4)
      fiddle
      gobject-introspection (= 4.2.4)
    glib2 (4.2.4)
      native-package-installer (>= 1.0.3)
      pkg-config (>= 1.3.5)
    glimmer (2.8.0)
      array_include_methods (>= 1.4.0, < 1.6.0)
      facets (>= 3.1.0, < 4.0.0)
    gobject-introspection (4.2.4)
      glib2 (= 4.2.4)
    gtk3 (4.2.4)
      atk (= 4.2.4)
      gdk3 (= 4.2.4)
    json (2.7.2)
    matrix (0.4.2)
    native-package-installer (1.1.9)
    pango (4.2.4)
      cairo-gobject (= 4.2.4)
      gobject-introspection (= 4.2.4)
    pkg-config (1.5.6)
    red-colors (0.4.0)
      json
      matrix

PLATFORMS
  ruby
  x86_64-linux

DEPENDENCIES
  glimmer (~> 2.8)
  gtk3 (~> 4.2)

BUNDLED WITH
   2.5.21
